GEM
  remote: http://rubygems.org/
  specs:
    diff-lcs (1.2.4)
    eventmachine (1.0.3)
    json (1.8.1)
    method_source (0.8.2)
    rake (10.1.0)
    rspec (2.14.1)
      rspec-core (~> 2.14.0)
      rspec-expectations (~> 2.14.0)
      rspec-mocks (~> 2.14.0)
    rspec-core (2.14.5)
    rspec-expectations (2.14.3)
      diff-lcs (>= 1.1.3, < 2.0)
    rspec-mocks (2.14.3)

PLATFORMS
  ruby

DEPENDENCIES
  eventmachine
  json
  method_source
  rake
  rspec
